GEM
  remote: https://rubygems.org/
  specs:
    bubble-wrap (1.7.0)
      bubble-wrap-http (= 1.7.0)
    bubble-wrap-http (1.7.0)
    formotion (1.8)
      bubble-wrap (>= 1.4.0)
      motion-require (>= 0.1.0)
    motion-layout (0.0.2)
    motion-redgreen (0.1.0)
    motion-require (0.2.0)
    motion-stump (0.3.2)
    rake (10.3.2)
    sugarcube (2.0.1)

PLATFORMS
  ruby

DEPENDENCIES
  bubble-wrap
  formotion
  motion-layout
  motion-redgreen
  motion-stump
  rake
  sugarcube
